PATH
  remote: .
  specs:
    txdb (4.1.0)
      activesupport (~> 4.0)
      sequel (~> 4.0)
      sinatra (~> 2.0)
      txgh (>= 2.0)

GEM
  remote: http://rubygems.org/
  specs:
    abroad (4.5.0)
      htmlentities (~> 4.0)
      json-stream (~> 0.0)
      json-write-stream (~> 1.2)
      nokogiri (>= 1.0, < 1.8)
      xml-write-stream (~> 1.0)
      yaml-write-stream (~> 2.0)
    activesupport (4.2.10)
      i18n (~> 0.7)
      minitest (~> 5.1)
      thread_safe (~> 0.3, >= 0.3.4)
      tzinfo (~> 1.1)
    addressable (2.5.2)
      public_suffix (>= 2.0.2, < 4.0)
    byebug (10.0.2)
    celluloid (0.17.3)
      celluloid-essentials
      celluloid-extras
      celluloid-fsm
      celluloid-pool
      celluloid-supervision
      timers (>= 4.1.1)
    celluloid-essentials (0.20.5)
      timers (>= 4.1.1)
    celluloid-extras (0.20.5)
      timers (>= 4.1.1)
    celluloid-fsm (0.20.5)
      timers (>= 4.1.1)
    celluloid-pool (0.20.5)
      timers (>= 4.1.1)
    celluloid-supervision (0.20.6)
      timers (>= 4.1.1)
    coderay (1.1.2)
    concurrent-ruby (1.0.5)
    diff-lcs (1.3)
    dotenv (2.4.0)
    faraday (0.15.2)
      multipart-post (>= 1.2, < 3)
    faraday_middleware (0.12.2)
      faraday (>= 0.7.4, < 1.0)
    hitimes (1.2.6)
    htmlentities (4.3.4)
    i18n (0.9.5)
      concurrent-ruby (~> 1.0)
    json (1.8.6)
    json-stream (0.2.1)
    json-write-stream (1.2.0)
      json_pure (~> 1.8.0)
    json_pure (1.8.6)
    method_source (0.9.0)
    mini_portile2 (2.1.0)
    minitest (5.11.3)
    multipart-post (2.0.0)
    mustermann (1.0.2)
    mysql2 (0.5.1)
    nokogiri (1.7.2)
      mini_portile2 (~> 2.1.0)
    octokit (4.9.0)
      sawyer (~> 0.8.0, >= 0.5.3)
    parseconfig (1.0.8)
    pry (0.11.3)
      coderay (~> 1.1.0)
      method_source (~> 0.9.0)
    pry-byebug (3.6.0)
      byebug (~> 10.0)
      pry (~> 0.10)
    public_suffix (3.0.2)
    puma (2.16.0)
    rack (2.0.5)
    rack-protection (2.0.1)
      rack
    rack-test (1.0.0)
      rack (>= 1.0, < 3)
    rake (12.3.1)
    rspec (3.7.0)
      rspec-core (~> 3.7.0)
      rspec-expectations (~> 3.7.0)
      rspec-mocks (~> 3.7.0)
    rspec-core (3.7.1)
      rspec-support (~> 3.7.0)
    rspec-expectations (3.7.0)
      diff-lcs (>= 1.2.0, < 2.0)
      rspec-support (~> 3.7.0)
    rspec-mocks (3.7.0)
      diff-lcs (>= 1.2.0, < 2.0)
      rspec-support (~> 3.7.0)
    rspec-support (3.7.1)
    sawyer (0.8.1)
      addressable (>= 2.3.5, < 2.6)
      faraday (~> 0.8, < 1.0)
    sequel (4.49.0)
    sinatra (2.0.1)
      mustermann (~> 1.0)
      rack (~> 2.0)
      rack-protection (= 2.0.1)
      tilt (~> 2.0)
    sqlite3 (1.3.13)
    thread_safe (0.3.6)
    tilt (2.0.8)
    timecop (0.9.1)
    timers (4.1.2)
      hitimes
    txgh (6.6.0)
      abroad (~> 4.4)
      celluloid
      faraday (~> 0.9)
      faraday_middleware (~> 0.10)
      json (~> 1.8)
      octokit (~> 4.2)
      parseconfig (~> 1.0)
    tzinfo (1.2.5)
      thread_safe (~> 0.1)
    xml-write-stream (1.1.0)
    yaml-write-stream (2.0.2)

PLATFORMS
  ruby

DEPENDENCIES
  dotenv
  mysql2
  pry-byebug
  puma (~> 2.15)
  rack-test
  rake
  rspec
  sqlite3
  timecop
  txdb!

BUNDLED WITH
   1.16.2
